GEM
  remote: https://rubygems.org/
  specs:
    bson (4.4.2)
    ffaker (2.10.0)
    irb (1.0.0)
    mongo (2.7.0)
      bson (>= 4.4.2, < 5.0.0)
    thor (0.20.3)

PLATFORMS
  ruby

DEPENDENCIES
  ffaker
  irb
  mongo
  thor

BUNDLED WITH
   1.17.1
